GEM
  remote: https://rubygems.org/
  specs:
    CFPropertyList (2.3.6)
    addressable (2.8.7)
      public_suffix (>= 2.0.2, < 7.0)
    ansi (1.5.0)
    ast (2.4.2)
    awesome_print (1.9.2)
    aws-eventstream (1.3.0)
    aws-partitions (1.1044.0)
    aws-sdk-core (3.217.1)
      aws-eventstream (~> 1, >= 1.3.0)
      aws-partitions (~> 1, >= 1.992.0)
      aws-sigv4 (~> 1.9)
      jmespath (~> 1, >= 1.6.1)
    aws-sdk-ec2 (1.503.0)
      aws-sdk-core (~> 3, >= 3.216.0)
      aws-sigv4 (~> 1.5)
    aws-sigv4 (1.11.0)
      aws-eventstream (~> 1, >= 1.0.2)
    base64 (0.2.0)
    bcrypt_pbkdf (1.0.1)
    bcrypt_pbkdf (1.0.1-x64-mingw32)
    bindata (2.5.0)
    bolt (1.49.0)
      CFPropertyList (~> 2.2)
      addressable (~> 2.5)
      aws-sdk-ec2 (~> 1)
      concurrent-ruby (~> 1.0)
      hiera-eyaml (~> 3)
      logging (~> 2.2)
      minitar (~> 0.6)
      net-scp (~> 1.2)
      net-ssh (>= 4.0)
      net-ssh-krb (~> 0.5)
      orchestrator_client (~> 0.4)
      puppet (>= 6.11.0, < 7)
      puppet-resource_api (>= 1.8.1)
      puppet-strings (~> 2.3)
      r10k (~> 3.1)
      ruby_smb (~> 1.0)
      terminal-table (~> 1.8)
      winrm (~> 2.0)
      winrm-fs (~> 1.3)
    builder (3.3.0)
    chef-utils (18.6.2)
      concurrent-ruby
    childprocess (0.7.1)
      ffi (~> 1.0, >= 1.0.11)
    coderay (1.1.3)
    colored2 (3.1.2)
    concurrent-ruby (1.1.10)
    cri (2.15.12)
    deep_merge (1.2.2)
    dependency_checker (0.3.0)
      parallel
      puppet_forge (>= 2.2, < 4.0)
      rake (~> 13.0)
      semantic_puppet (~> 1.0)
    diff-lcs (1.3)
    docile (1.4.1)
    domain_name (0.6.20240107)
    ed25519 (1.3.0)
    erubi (1.13.1)
    facter (2.5.7-universal-darwin)
      CFPropertyList (~> 2.2)
    facter (2.5.7-x64-mingw32)
      ffi (~> 1.9)
    facterdb (1.27.0)
      facter (< 5.0.0)
      jgrep (~> 1.5, >= 1.5.4)
    faraday (1.10.4)
      faraday-em_http (~> 1.0)
      faraday-em_synchrony (~> 1.0)
      faraday-excon (~> 1.1)
      faraday-httpclient (~> 1.0)
      faraday-multipart (~> 1.0)
      faraday-net_http (~> 1.0)
      faraday-net_http_persistent (~> 1.0)
      faraday-patron (~> 1.0)
      faraday-rack (~> 1.0)
      faraday-retry (~> 1.0)
      ruby2_keywords (>= 0.0.4)
    faraday-em_http (1.0.0)
    faraday-em_synchrony (1.0.0)
    faraday-excon (1.1.0)
    faraday-httpclient (1.0.1)
    faraday-multipart (1.1.0)
      multipart-post (~> 2.0)
    faraday-net_http (1.0.2)
    faraday-net_http_persistent (1.2.0)
    faraday-patron (1.0.0)
    faraday-rack (1.0.0)
    faraday-retry (1.0.3)
    faraday_middleware (1.2.1)
      faraday (~> 1.0)
    fast_gettext (1.1.2)
    ffi (1.17.1-arm64-darwin)
    ffi (1.17.1-x64-mingw32)
    gettext (3.2.9)
      locale (>= 2.0.5)
      text (>= 1.3.0)
    gettext-setup (0.34)
      fast_gettext (~> 1.1.0)
      gettext (>= 3.0.2, < 3.3.0)
      locale
    gssapi (1.3.1)
      ffi (>= 1.0.1)
    gyoku (1.4.0)
      builder (>= 2.1.2)
      rexml (~> 3.0)
    hiera (3.12.0)
    hiera-eyaml (3.4.0)
      highline
      optimist
    highline (2.1.0)
    hitimes (1.3.0)
    hocon (1.4.0)
    http-accept (1.7.0)
    http-cookie (1.0.8)
      domain_name (~> 0.5)
    httpclient (2.8.3)
    io-console (0.5.9)
    jgrep (1.5.4)
    jmespath (1.6.2)
    json (2.3.0)
    json-schema (2.8.0)
      addressable (>= 2.4)
    json_pure (2.1.0)
    jwt (2.7.1)
    kitchen-docker (3.0.0)
      test-kitchen (>= 1.0.0)
    kitchen-puppet (3.7.0)
      librarian-puppet (>= 3.0)
      net-ssh (>= 3)
      test-kitchen (>= 1.4)
    kitchen-verifier-serverspec (0.7.2)
      net-ssh (>= 3)
      test-kitchen (>= 1.4)
    librarian-puppet (4.0.1)
      librarianp (>= 0.6.3)
      puppet_forge (>= 2.1, < 4)
      rsync
    librarianp (1.1.2)
      thor (~> 1.0)
    license-acceptance (2.1.13)
      pastel (~> 0.7)
      tomlrb (>= 1.2, < 3.0)
      tty-box (~> 0.6)
      tty-prompt (~> 0.20)
    little-plugger (1.1.4)
    locale (2.1.4)
    log4r (1.1.10)
    logger (1.6.5)
    logging (2.4.0)
      little-plugger (~> 1.1)
      multi_json (~> 1.14)
    metadata-json-lint (3.0.3)
      json-schema (>= 2.8, < 5.0)
      spdx-licenses (~> 1.0)
    method_source (1.1.0)
    mime-types (3.6.0)
      logger
      mime-types-data (~> 3.2015)
    mime-types-data (3.2025.0107)
    minitar (0.12.1)
    mixlib-install (3.12.30)
      mixlib-shellout
      mixlib-versioning
      thor
    mixlib-shellout (2.2.7)
    mixlib-versioning (1.2.12)
    mocha (1.16.1)
    multi_json (1.15.0)
    multipart-post (2.4.1)
    net-scp (1.2.1)
      net-ssh (>= 2.6.5)
    net-ssh (6.1.0)
    net-ssh-gateway (2.0.0)
      net-ssh (>= 4.0.0)
    net-ssh-krb (0.5.1)
      gssapi (~> 1.3.0)
      net-ssh (>= 2.0)
    net-telnet (0.2.0)
    netrc (0.11.0)
    nori (2.6.0)
    optimist (3.2.0)
    orchestrator_client (0.7.1)
      faraday (>= 1.4, < 3.0)
      faraday-net_http_persistent (>= 1.0, < 3.0)
    parallel (1.26.3)
    parallel_tests (3.12.1)
      parallel
    parser (3.3.7.0)
      ast (~> 2.4.1)
      racc
    pastel (0.8.0)
      tty-color (~> 0.5)
    pathspec (0.2.1)
    pdk (1.18.1)
      bundler (>= 1.15.0, < 3.0.0)
      childprocess (~> 0.7.1)
      concurrent-ruby (~> 1.1.5)
      cri (~> 2.10)
      deep_merge (~> 1.1)
      diff-lcs (= 1.3)
      facter (~> 2.5.1)
      ffi (>= 1.9.25, < 2.0.0)
      gettext-setup (~> 0.24)
      hitimes (= 1.3.0)
      httpclient (~> 2.8.3)
      json-schema (= 2.8.0)
      json_pure (~> 2.1.0)
      minitar (~> 0.6)
      pathspec (~> 0.2.1)
      tty-prompt (~> 0.13)
      tty-spinner (~> 0.5)
      tty-which (~> 0.3)
    pluginator (1.5.0)
    pry (0.15.0)
      coderay (~> 1.1)
      method_source (~> 1.0)
    public_suffix (5.1.1)
    puppet (6.29.0-universal-darwin)
      CFPropertyList (~> 2.2)
      concurrent-ruby (~> 1.0, < 1.2.0)
      deep_merge (~> 1.0)
      facter (> 2.0.1, < 5)
      fast_gettext (~> 1.1)
      hiera (>= 3.2.1, < 4)
      httpclient (~> 2.8)
      locale (~> 2.1)
      multi_json (~> 1.10)
      puppet-resource_api (~> 1.5)
      semantic_puppet (~> 1.0)
    puppet (6.29.0-x64-mingw32)
      concurrent-ruby (~> 1.0, < 1.2.0)
      deep_merge (~> 1.0)
      facter (> 2.0.1, < 5)
      fast_gettext (~> 1.1)
      ffi (> 1.9.24, < 2)
      hiera (>= 3.2.1, < 4)
      httpclient (~> 2.8)
      locale (~> 2.1)
      minitar (~> 0.9)
      multi_json (~> 1.10)
      puppet-resource_api (~> 1.5)
      semantic_puppet (~> 1.0)
      win32-dir (>= 0.4.9, <= 0.7.2)
      win32-process (= 0.7.5)
      win32-security (= 0.2.5)
      win32-service (= 0.8.8)
    puppet-blacksmith (6.1.1)
      puppet-modulebuilder (~> 0.2)
      rest-client (~> 2.0)
    puppet-debugger (1.4.0)
      awesome_print (~> 1.7)
      bundler
      facterdb (>= 0.4.0)
      pluginator (~> 1.5.0)
      puppet (>= 6)
      rb-readline (>= 0.5.5)
      table_print (>= 1.0.0)
      tty-pager (~> 0.14)
    puppet-lint (3.4.0)
    puppet-lint-absolute_classname-check (3.1.0)
      puppet-lint (>= 1.0, < 4)
    puppet-lint-anchor-check (1.1.0)
      puppet-lint (>= 1.1, < 4)
    puppet-lint-file_ensure-check (1.1.0)
      puppet-lint (>= 1.0, < 4)
    puppet-lint-leading_zero-check (1.1.0)
      puppet-lint (>= 1.0, < 4.0)
    puppet-lint-lookup_in_parameter-check (1.1.0)
      puppet-lint (>= 2.0, < 4)
    puppet-lint-manifest_whitespace-check (0.2.9)
      puppet-lint (>= 1.0, < 4)
    puppet-lint-optional_default-check (1.1.0)
      puppet-lint (>= 2.1, < 4)
    puppet-lint-param-docs (1.7.6)
      puppet-lint (>= 1.1, < 4.0)
    puppet-lint-param-types (1.0.0)
      puppet-lint (>= 1.1, < 4)
    puppet-lint-params_empty_string-check (1.1.0)
      puppet-lint (>= 2.5, < 4)
    puppet-lint-resource_reference_syntax (1.2.0)
      puppet-lint (>= 1.0, < 4)
    puppet-lint-strict_indent-check (2.1.0)
      puppet-lint (>= 1.0, < 4)
    puppet-lint-topscope-variable-check (1.2.0)
      puppet-lint (>= 2.0, < 4)
    puppet-lint-trailing_comma-check (1.0.0)
      puppet-lint (>= 1.0, < 4)
    puppet-lint-unquoted_string-check (2.2.0)
      puppet-lint (>= 2.1, < 4)
    puppet-lint-variable_contains_upcase (1.4.0)
      puppet-lint (>= 1.0, < 5)
    puppet-lint-version_comparison-check (1.1.0)
      puppet-lint (>= 1.0, < 4)
    puppet-modulebuilder (0.3.0)
      minitar (~> 0.9)
      pathspec (>= 0.2.1, < 2.0.0)
    puppet-resource_api (1.9.0)
      hocon (>= 1.0)
    puppet-strings (2.9.0)
      rgen
      yard (~> 0.9.5)
    puppet-syntax (3.3.0)
      puppet (>= 5)
      rake
    puppet_forge (3.2.0)
      faraday (~> 1.3)
      faraday_middleware (~> 1.0)
      minitar
      semantic_puppet (~> 1.0)
    puppet_litmus (0.0.1)
      bolt (>= 1.13.1, < 2.0.0)
      pdk (>= 1.10.0, < 2.0.0)
    puppetlabs_spec_helper (5.0.3)
      mocha (~> 1.0)
      pathspec (>= 0.2, < 2.0.0)
      puppet-lint (>= 2.5.2, < 4.0.0)
      puppet-syntax (~> 3.0)
      rspec-github (~> 2.0)
      rspec-puppet (~> 2.0)
    r10k (3.16.2)
      colored2 (= 3.1.2)
      cri (>= 2.15.10)
      fast_gettext (>= 1.1.0, < 3.0.0)
      gettext (>= 3.0.2, < 4.0.0)
      gettext-setup (>= 0.24, < 2.0.0)
      jwt (>= 2.2.3, < 2.8.0)
      log4r (= 1.1.10)
      minitar (~> 0.9)
      multi_json (~> 1.10)
      puppet_forge (>= 2.3.0, < 4.0.0)
    racc (1.4.16)
    rainbow (3.1.1)
    rake (13.2.1)
    rb-readline (0.5.5)
    regexp_parser (2.10.0)
    rest-client (2.1.0)
      http-accept (>= 1.7.0, < 2.0)
      http-cookie (>= 1.0.2, < 2.0)
      mime-types (>= 1.16, < 4.0)
      netrc (~> 0.8)
    rest-client (2.1.0-x64-mingw32)
      ffi (~> 1.9)
      http-accept (>= 1.7.0, < 2.0)
      http-cookie (>= 1.0.2, < 2.0)
      mime-types (>= 1.16, < 4.0)
      netrc (~> 0.8)
    rexml (3.2.6)
    rgen (0.10.2)
    rspec (3.13.0)
      rspec-core (~> 3.13.0)
      rspec-expectations (~> 3.13.0)
      rspec-mocks (~> 3.13.0)
    rspec-core (3.13.2)
      rspec-support (~> 3.13.0)
    rspec-expectations (3.13.3)
      diff-lcs (>= 1.2.0, < 2.0)
      rspec-support (~> 3.13.0)
    rspec-github (2.4.0)
      rspec-core (~> 3.0)
    rspec-its (1.3.1)
      rspec-core (>= 3.0.0)
      rspec-expectations (>= 3.0.0)
    rspec-mocks (3.13.2)
      diff-lcs (>= 1.2.0, < 2.0)
      rspec-support (~> 3.13.0)
    rspec-puppet (2.12.0)
      rspec
    rspec-puppet-facts (1.10.0)
      facter
      facterdb (>= 0.5.0)
      json
      puppet
    rspec-support (3.13.2)
    rsync (1.0.9)
    rubocop (1.42.0)
      json (~> 2.3)
      parallel (~> 1.10)
      parser (>= 3.1.2.1)
      rainbow (>= 2.2.2, < 4.0)
      regexp_parser (>= 1.8, < 3.0)
      rexml (>= 3.2.5, < 4.0)
      rubocop-ast (>= 1.24.1, < 2.0)
      ruby-progressbar (~> 1.7)
      unicode-display_width (>= 1.4.0, < 3.0)
    rubocop-ast (1.38.0)
      parser (>= 3.3.1.0)
    rubocop-performance (1.19.1)
      rubocop (>= 1.7.0, < 2.0)
      rubocop-ast (>= 0.4.0)
    rubocop-rspec (2.10.0)
      rubocop (~> 1.19)
    ruby-progressbar (1.13.0)
    ruby2_keywords (0.0.5)
    ruby_smb (1.1.0)
      bindata
      rubyntlm
      windows_error
    rubyntlm (0.6.5)
      base64
    rubyzip (2.4.1)
    semantic_puppet (1.1.0)
    serverspec (2.42.3)
      multi_json
      rspec (~> 3.0)
      rspec-its
      specinfra (~> 2.72)
    sfl (2.3)
    simplecov (0.22.0)
      docile (~> 1.1)
      simplecov-html (~> 0.11)
      simplecov_json_formatter (~> 0.1)
    simplecov-console (0.9.2)
      ansi
      simplecov
      terminal-table
    simplecov-html (0.13.1)
    simplecov_json_formatter (0.1.4)
    spdx-licenses (1.3.0)
    specinfra (2.91.0)
      base64
      net-scp
      net-ssh (>= 2.7)
      net-telnet
      sfl
    strings (0.2.1)
      strings-ansi (~> 0.2)
      unicode-display_width (>= 1.5, < 3.0)
      unicode_utils (~> 1.4)
    strings-ansi (0.2.0)
    table_print (1.5.7)
    terminal-table (1.8.0)
      unicode-display_width (~> 1.1, >= 1.1.1)
    test-kitchen (3.0.0)
      bcrypt_pbkdf (~> 1.0)
      chef-utils (>= 16.4.35)
      ed25519 (~> 1.2)
      license-acceptance (>= 1.0.11, < 3.0)
      mixlib-install (~> 3.6)
      mixlib-shellout (>= 1.2, < 4.0)
      net-scp (>= 1.1, < 4.0)
      net-ssh (>= 2.9, < 7.0)
      net-ssh-gateway (>= 1.2, < 3.0)
      thor (>= 0.19, < 2.0)
      winrm (~> 2.0)
      winrm-elevated (~> 1.0)
      winrm-fs (~> 1.1)
    text (1.3.1)
    thor (1.2.2)
    tomlrb (2.0.3)
    tty-box (0.7.0)
      pastel (~> 0.8)
      strings (~> 0.2.0)
      tty-cursor (~> 0.7)
    tty-color (0.6.0)
    tty-cursor (0.7.1)
    tty-pager (0.14.0)
      strings (~> 0.2.0)
      tty-screen (~> 0.8)
    tty-prompt (0.23.1)
      pastel (~> 0.8)
      tty-reader (~> 0.8)
    tty-reader (0.9.0)
      tty-cursor (~> 0.7)
      tty-screen (~> 0.8)
      wisper (~> 2.0)
    tty-screen (0.8.2)
    tty-spinner (0.9.3)
      tty-cursor (~> 0.7)
    tty-which (0.5.0)
    unicode-display_width (1.8.0)
    unicode_utils (1.4.0)
    voxpupuli-puppet-lint-plugins (4.0.0)
      puppet-lint (~> 3.1)
      puppet-lint-absolute_classname-check (~> 3.1)
      puppet-lint-anchor-check (~> 1.1)
      puppet-lint-file_ensure-check (~> 1.1)
      puppet-lint-leading_zero-check (~> 1.0)
      puppet-lint-lookup_in_parameter-check (~> 1.0)
      puppet-lint-manifest_whitespace-check (~> 0.2.7, < 1.0.0)
      puppet-lint-optional_default-check (~> 1.1)
      puppet-lint-param-docs (>= 1.7.6, < 2.0.0)
      puppet-lint-param-types (~> 1.0)
      puppet-lint-params_empty_string-check (~> 1.0)
      puppet-lint-resource_reference_syntax (~> 1.1)
      puppet-lint-strict_indent-check (~> 2.1)
      puppet-lint-topscope-variable-check (~> 1.1)
      puppet-lint-trailing_comma-check (~> 1.0)
      puppet-lint-unquoted_string-check (~> 2.2)
      puppet-lint-variable_contains_upcase (~> 1.2)
      puppet-lint-version_comparison-check (~> 1.1)
    win32-dir (0.7.2)
      ffi (>= 1.0.0)
    win32-process (0.7.5)
      ffi (>= 1.0.0)
    win32-security (0.2.5)
      ffi
    win32-service (0.8.8)
      ffi
    windows_error (0.1.5)
    winrm (2.3.6)
      builder (>= 2.1.2)
      erubi (~> 1.8)
      gssapi (~> 1.2)
      gyoku (~> 1.0)
      httpclient (~> 2.2, >= 2.2.0.2)
      logging (>= 1.6.1, < 3.0)
      nori (~> 2.0)
      rubyntlm (~> 0.6.0, >= 0.6.3)
    winrm-elevated (1.2.3)
      erubi (~> 1.8)
      winrm (~> 2.0)
      winrm-fs (~> 1.0)
    winrm-fs (1.3.5)
      erubi (~> 1.8)
      logging (>= 1.6.1, < 3.0)
      rubyzip (~> 2.0)
      winrm (~> 2.0)
    wisper (2.0.1)
    yard (0.9.37)

PLATFORMS
  arm64-darwin-24
  x64-mingw32

DEPENDENCIES
  CFPropertyList (< 3.0.7)
  bcrypt_pbkdf (= 1.0.1)
  deep_merge (~> 1.2.2)
  dependency_checker (= 0.3.0)
  facterdb (~> 1.21)
  io-console (= 0.5.9)
  json (= 2.3.0)
  kitchen-docker
  kitchen-puppet
  kitchen-verifier-serverspec
  librarian-puppet (= 4.0.1)
  metadata-json-lint (~> 3.0.3)
  mixlib-shellout (~> 2.2.7)
  parallel_tests (= 3.12.1)
  pry (~> 0.10)
  puppet
  puppet-blacksmith (= 6.1.1)
  puppet-debugger (~> 1.0)
  puppet-strings (= 2.9.0)
  puppet_litmus (= 0.0.1)
  puppetlabs_spec_helper (~> 5.0.3)
  racc (~> 1.4.0)
  rb-readline (= 0.5.5)
  rexml (>= 3.0.0, < 3.2.7)
  rspec-puppet-facts (~> 1.10.0)
  rubocop (~> 1.30)
  rubocop-performance (~> 1.11)
  rubocop-rspec (= 2.10.0)
  serverspec (~> 2.41)
  simplecov-console (~> 0.9)
  test-kitchen (= 3.0.0)
  voxpupuli-puppet-lint-plugins (~> 4.0)

BUNDLED WITH
   2.4.13
